GEM
  remote: http://rubygems.org/
  specs:
    actionmailer (2.3.9)
      actionpack (= 2.3.9)
    actionpack (2.3.9)
      activesupport (= 2.3.9)
      rack (~> 1.1.0)
    activerecord (2.3.9)
      activesupport (= 2.3.9)
    activeresource (2.3.9)
      activesupport (= 2.3.9)
    activesupport (2.3.9)
    addressable (2.2.0)
    authlogic (2.1.6)
      activesupport
    builder (2.1.2)
    capybara (0.3.9)
      culerity (>= 0.2.4)
      mime-types (>= 1.16)
      nokogiri (>= 1.3.3)
      rack (>= 1.0.0)
      rack-test (>= 0.5.4)
      selenium-webdriver (>= 0.0.3)
    celerity (0.8.1)
    configuration (1.1.0)
    crack (0.1.6)
    cucumber (0.8.5)
      builder (~> 2.1.2)
      diff-lcs (~> 1.1.2)
      gherkin (~> 2.1.4)
      json_pure (~> 1.4.3)
      term-ansicolor (~> 1.0.4)
    cucumber-rails (0.3.2)
      cucumber (>= 0.8.0)
    culerity (0.2.12)
    database_cleaner (0.5.2)
    diff-lcs (1.1.2)
    elastic_rails (2.0.2)
    factory_girl (1.3.2)
    fastercsv (1.5.3)
    ffi (0.6.3)
      rake (>= 0.8.7)
    formtastic (1.0.1)
      actionpack (>= 2.3.0, < 3.0.0)
      activesupport (>= 2.3.0, < 3.0.0)
      i18n (< 0.4)
    gherkin (2.1.5)
      trollop (~> 1.16.2)
    has_scope (0.5.0)
    hashie (0.2.2)
    heroku (1.9.14)
      json_pure (>= 1.2.0, < 1.5.0)
      launchy (~> 0.3.2)
      rest-client (~> 1.4.0)
    httparty (0.5.2)
      crack (= 0.1.6)
    i18n (0.3.7)
    inherited_resources (1.0.6)
      has_scope (~> 0.5.0)
      responders (~> 0.4.6)
    json_pure (1.4.6)
    launchy (0.3.7)
      configuration (>= 0.0.5)
      rake (>= 0.8.1)
    mime-types (1.16)
    nokogiri (1.4.3.1)
    oauth (0.4.3)
    postgres (0.7.9.2008.01.28)
    rack (1.1.0)
    rack-test (0.5.4)
      rack (>= 1.0)
    rails (2.3.9)
      actionmailer (= 2.3.9)
      actionpack (= 2.3.9)
      activerecord (= 2.3.9)
      activeresource (= 2.3.9)
      activesupport (= 2.3.9)
      rake (>= 0.8.3)
    rake (0.8.7)
    rcov (0.9.8)
    responders (0.4.7)
    rest-client (1.4.2)
      mime-types (>= 1.16)
    roodi (2.1.0)
      ruby_parser
    rspec (1.3.0)
    rspec-rails (1.3.2)
      rack (>= 1.0.0)
      rspec (>= 1.3.0)
    ruby_parser (2.0.5)
      sexp_processor (~> 3.0)
    rubyzip (0.9.4)
    selenium-webdriver (0.0.28)
      ffi (>= 0.6.1)
      json_pure
      rubyzip
    sexp_processor (3.0.5)
    shoulda (2.11.3)
    spork (0.8.4)
    term-ansicolor (1.0.5)
    timecop (0.3.5)
    trollop (1.16.2)
    twitter (0.9.8)
      hashie (~> 0.2.0)
      httparty (~> 0.5.0)
      oauth (~> 0.4.1)
      yajl-ruby (~> 0.7.0)
    webmock (0.9.0)
      addressable (>= 2.1.1)
    yajl-ruby (0.7.7)

PLATFORMS
  ruby

DEPENDENCIES
  authlogic
  capybara
  celerity
  cucumber
  cucumber-rails
  culerity
  database_cleaner
  elastic_rails
  factory_girl
  fastercsv
  formtastic
  heroku
  inherited_resources (= 1.0.6)
  postgres
  rails (= 2.3.9)
  rcov
  roodi
  rspec
  rspec-rails
  shoulda
  spork
  timecop
  twitter
  webmock
